PATH
  remote: .
  specs:
    musk (0.0.1)
      rtaglib (~> 0.3.0)

GEM
  remote: https://rubygems.org/
  specs:
    coderay (1.1.0)
    diff-lcs (1.2.5)
    hoe (3.9.0)
      rake (>= 0.8, < 11.0)
    method_source (0.8.2)
    pry (0.9.12.6)
      coderay (~> 1.0)
      method_source (~> 0.8)
      slop (~> 3.4)
    rake (10.1.1)
    rspec (2.14.1)
      rspec-core (~> 2.14.0)
      rspec-expectations (~> 2.14.0)
      rspec-mocks (~> 2.14.0)
    rspec-core (2.14.8)
    rspec-expectations (2.14.5)
      diff-lcs (>= 1.1.3, < 2.0)
    rspec-mocks (2.14.6)
    rtaglib (0.3.0)
      hoe (>= 2.3.3)
    slop (3.5.0)

PLATFORMS
  ruby

DEPENDENCIES
  musk!
  pry (~> 0.9.12.6)
  rspec (~> 2.14.1)
