PATH
  remote: .
  specs:
    musk (0.0.1)
      rtaglib (~> 0.3.0)

GEM
  remote: https://rubygems.org/
  specs:
    diff-lcs (1.2.5)
    hoe (3.9.0)
      rake (>= 0.8, < 11.0)
    rake (10.1.1)
    rspec (2.14.1)
      rspec-core (~> 2.14.0)
      rspec-expectations (~> 2.14.0)
      rspec-mocks (~> 2.14.0)
    rspec-core (2.14.8)
    rspec-expectations (2.14.5)
      diff-lcs (>= 1.1.3, < 2.0)
    rspec-mocks (2.14.6)
    rtaglib (0.3.0)
      hoe (>= 2.3.3)

PLATFORMS
  ruby

DEPENDENCIES
  musk!
  rspec (~> 2.14.1)
