PATH
  remote: .
  specs:
    musk (0.0.1)
      discogs-wrapper (~> 1.1.4)
      taglib-ruby (~> 0.6.0)

GEM
  remote: https://rubygems.org/
  specs:
    coderay (1.1.0)
    diff-lcs (1.2.5)
    discogs-wrapper (1.1.4)
    method_source (0.8.2)
    pry (0.9.12.6)
      coderay (~> 1.0)
      method_source (~> 0.8)
      slop (~> 3.4)
    rspec (2.14.1)
      rspec-core (~> 2.14.0)
      rspec-expectations (~> 2.14.0)
      rspec-mocks (~> 2.14.0)
    rspec-core (2.14.8)
    rspec-expectations (2.14.5)
      diff-lcs (>= 1.1.3, < 2.0)
    rspec-mocks (2.14.6)
    slop (3.5.0)
    taglib-ruby (0.6.0)

PLATFORMS
  ruby

DEPENDENCIES
  musk!
  pry (~> 0.9.12.6)
  rspec (~> 2.14.1)
